PATH
  remote: .
  specs:
    discard-rails-observers (0.1.1)

GEM
  remote: https://rubygems.org/
  specs:
    activemodel (6.1.6.1)
      activesupport (= 6.1.6.1)
    activerecord (6.1.6.1)
      activemodel (= 6.1.6.1)
      activesupport (= 6.1.6.1)
    activesupport (6.1.6.1)
      concurrent-ruby (~> 1.0, >= 1.0.2)
      i18n (>= 1.6, < 2)
      minitest (>= 5.1)
      tzinfo (~> 2.0)
      zeitwerk (~> 2.3)
    concurrent-ruby (1.1.10)
    discard (1.1.0)
      activerecord (>= 4.2, < 7)
    i18n (1.11.0)
      concurrent-ruby (~> 1.0)
    minitest (5.12.2)
    rails-observers (0.1.5)
      activemodel (>= 4.0)
    rake (13.0.1)
    tzinfo (2.0.4)
      concurrent-ruby (~> 1.0)
    zeitwerk (2.6.0)

PLATFORMS
  ruby

DEPENDENCIES
  bundler (~> 2.1)
  discard (~> 1.1)
  discard-rails-observers!
  minitest (~> 5.0)
  rails-observers (~> 0.1)
  rake (~> 13.0)

BUNDLED WITH
   2.2.8
