PATH
  remote: .
  specs:
    discard-rails-observers (0.1.0)

GEM
  remote: https://rubygems.org/
  specs:
    activemodel (6.0.3.1)
      activesupport (= 6.0.3.1)
    activerecord (6.0.3.1)
      activemodel (= 6.0.3.1)
      activesupport (= 6.0.3.1)
    activesupport (6.0.3.1)
      concurrent-ruby (~> 1.0, >= 1.0.2)
      i18n (>= 0.7, < 2)
      minitest (~> 5.1)
      tzinfo (~> 1.1)
      zeitwerk (~> 2.2, >= 2.2.2)
    concurrent-ruby (1.1.6)
    discard (1.1.0)
      activerecord (>= 4.2, < 7)
    i18n (1.8.2)
      concurrent-ruby (~> 1.0)
    minitest (5.12.2)
    rails-observers (0.1.5)
      activemodel (>= 4.0)
    rake (13.0.1)
    thread_safe (0.3.6)
    tzinfo (1.2.7)
      thread_safe (~> 0.1)
    zeitwerk (2.3.0)

PLATFORMS
  ruby

DEPENDENCIES
  bundler (~> 1.17)
  discard (~> 1.1)
  discard-rails-observers!
  minitest (~> 5.0)
  rails-observers (~> 0.1)
  rake (~> 13.0)

BUNDLED WITH
   1.17.3
